PATH
  remote: .
  specs:
    sinatra_sample_provider (0.0.1)
      manifoldco_signature (~> 0.1.4)
      oauth2 (~> 1.3.1)
      sinatra (~> 1.4.8)
      sinatra-contrib (~> 1.4.7)

GEM
  remote: https://rubygems.org/
  specs:
    backports (3.11.3)
    base64url (1.0.1)
    faraday (0.11.0)
      multipart-post (>= 1.2, < 3)
    ffi (1.9.23)
    jwt (1.5.6)
    manifoldco_signature (0.1.4)
      base64url (~> 1.0.1)
      rbnacl (~> 3.4.0)
      rbnacl-libsodium (~> 1.0.11)
    multi_json (1.13.1)
    multi_xml (0.6.0)
    multipart-post (2.0.0)
    oauth2 (1.3.1)
      faraday (>= 0.8, < 0.12)
      jwt (~> 1.0)
      multi_json (~> 1.3)
      multi_xml (~> 0.5)
      rack (>= 1.2, < 3)
    rack (1.6.10)
    rack-protection (1.5.5)
      rack
    rack-test (1.0.0)
      rack (>= 1.0, < 3)
    rbnacl (3.4.0)
      ffi
    rbnacl-libsodium (1.0.16)
      rbnacl (>= 3.0.1)
    sinatra (1.4.8)
      rack (~> 1.5)
      rack-protection (~> 1.4)
      tilt (>= 1.3, < 3)
    sinatra-contrib (1.4.7)
      backports (>= 2.0)
      multi_json
      rack-protection
      rack-test
      sinatra (~> 1.4.0)
      tilt (>= 1.3, < 3)
    tilt (2.0.8)

PLATFORMS
  ruby

DEPENDENCIES
  sinatra_sample_provider!

BUNDLED WITH
   1.16.2
